GEM
  remote: https://rubygems.org/
  specs:
    addressable (2.3.5)
    bourbon (4.1.0)
      sass (~> 3.3)
      thor
    colorize (0.5.8)
    dalli (2.6.4)
    ffi (1.9.0)
    launchy (2.1.2)
      addressable (~> 2.3)
    neat (1.7.1)
      bourbon (>= 4.0)
      sass (>= 3.3)
    rb-fsevent (0.9.3)
    rb-inotify (0.9.2)
      ffi (>= 0.5.0)
    sass (3.4.9)
    sys-proctable (0.9.3)
    thor (0.19.1)

PLATFORMS
  ruby

DEPENDENCIES
  bourbon (~> 4.1.0)
  colorize (~> 0.5.8)
  dalli (~> 2.6.4)
  launchy (~> 2.1.2)
  neat (~> 1.7.1)
  rb-fsevent (~> 0.9.3)
  rb-inotify (~> 0.9)
  sass (= 3.4.9)
  sys-proctable (~> 0.9.3)
